GIT
  remote: git://github.com/37signals/mail_view.git
  revision: a99c2fc242fbb271a739a0934c59d4d66d3cf9c7
  specs:
    mail_view (1.0.1)
      tilt

GIT
  remote: git://github.com/AgilionApps/quiet_assets.git
  revision: c42e29264a61a5431cc09282df597242c003ebe6
  specs:
    quiet_assets (0.0.1)

GIT
  remote: git://github.com/ballantyne/omniauth-douban.git
  revision: 7affc4a09216f1c82a271a691ade3ba990e20a24
  specs:
    omniauth-douban (1.0.0.rc2)
      multi_json
      omniauth (~> 1.0.0.rc2)
      omniauth-oauth (~> 1.0.0.rc2)

GIT
  remote: git://github.com/huacnlee/htmldiff.git
  revision: 55286c776862b5c127070a6e56342262dbbe0114
  specs:
    htmldiff (0.0.1)

GIT
  remote: git://github.com/intridea/grape.git
  revision: d24bd2f758544244ac65f19c69b94f0ffc34e71b
  branch: frontier
  specs:
    grape (0.1.5)
      hashie (~> 1.2)
      multi_json
      multi_xml
      rack
      rack-mount

GEM
  remote: http://ruby.taobao.org/
  specs:
    actionmailer (3.2.2)
      actionpack (= 3.2.2)
      mail (~> 2.4.0)
    actionpack (3.2.2)
      activemodel (= 3.2.2)
      activesupport (= 3.2.2)
      builder (~> 3.0.0)
      erubis (~> 2.7.0)
      journey (~> 1.0.1)
      rack (~> 1.4.0)
      rack-cache (~> 1.1)
      rack-test (~> 0.6.1)
      sprockets (~> 2.1.2)
    activemodel (3.2.2)
      activesupport (= 3.2.2)
      builder (~> 3.0.0)
    activerecord (3.2.2)
      activemodel (= 3.2.2)
      activesupport (= 3.2.2)
      arel (~> 3.0.2)
      tzinfo (~> 0.3.29)
    activeresource (3.2.2)
      activemodel (= 3.2.2)
      activesupport (= 3.2.2)
    activesupport (3.2.2)
      i18n (~> 0.6)
      multi_json (~> 1.0)
    arel (3.0.2)
    aws-ses (0.4.4)
      builder
      mail (> 2.2.5)
      mime-types
      xml-simple
    bcrypt-ruby (3.0.1)
    blankslate (2.1.2.4)
    bootstrap-will_paginate (0.0.6)
      will_paginate
    bson (1.5.2)
    bson_ext (1.5.2)
      bson (= 1.5.2)
    builder (3.0.0)
    cancan (1.6.7)
    capistrano (2.11.2)
      highline
      net-scp (>= 1.0.0)
      net-sftp (>= 2.0.0)
      net-ssh (>= 2.0.14)
      net-ssh-gateway (>= 1.1.0)
    capybara (1.1.2)
      mime-types (>= 1.16)
      nokogiri (>= 1.3.3)
      rack (>= 1.0.0)
      rack-test (>= 0.5.4)
      selenium-webdriver (~> 2.0)
      xpath (~> 0.1.4)
    carrierwave (0.5.8)
      activesupport (~> 3.0)
    carrierwave-mongoid (0.1.3)
      carrierwave (>= 0.5.6)
      mongoid (~> 2.1)
    carrierwave-upyun (0.1.5)
      carrierwave (>= 0.5.7)
      rest-client (>= 1.6.7)
    cells (3.8.3)
      actionpack (~> 3.0)
      railties (~> 3.0)
    childprocess (0.3.1)
      ffi (~> 1.0.6)
    chinese_pinyin (0.4.1)
    chronic (0.6.7)
    chunky_png (1.2.5)
    coffee-rails (3.2.2)
      coffee-script (>= 2.2.0)
      railties (~> 3.2.0)
    coffee-script (2.2.0)
      coffee-script-source
      execjs
    coffee-script-source (1.2.0)
    commonjs (0.2.4)
    daemon-spawn (0.4.2)
    daemons (1.1.8)
    dalli (1.1.5)
    devise (2.0.4)
      bcrypt-ruby (~> 3.0)
      orm_adapter (~> 0.0.3)
      railties (~> 3.1)
      warden (~> 1.1.1)
    devise_invitable (1.0.0)
      devise (~> 2.0.0)
      rails (~> 3.0)
    diff-lcs (1.1.3)
    ekuseru (0.3.10)
      rails (>= 3.0)
      spreadsheet (>= 0.6)
    erubis (2.7.0)
    eventmachine (0.12.10)
    execjs (1.3.0)
      multi_json (~> 1.0)
    factory_girl (2.6.4)
      activesupport (>= 2.3.9)
    factory_girl_rails (1.7.0)
      factory_girl (~> 2.6.0)
      railties (>= 3.0.0)
    fastercsv (1.5.4)
    fattr (2.2.1)
    ffi (1.0.11)
    gmaps4rails (1.4.8)
      json
    googlecharts (1.6.8)
    hashie (1.2.0)
    highline (1.6.11)
    hike (1.2.1)
    hpricot (0.8.6)
    i18n (0.6.0)
    journey (1.0.3)
    jquery-rails (2.0.1)
      railties (>= 3.2.0, < 5.0)
      thor (~> 0.14)
    json (1.6.5)
    juggernaut (2.1.1)
      redis
    kgio (2.7.3)
    less (2.0.11)
      commonjs (~> 0.2.0)
      therubyracer (~> 0.9.9)
    less-rails (2.1.8)
      actionpack (>= 3.1)
      less (~> 2.0.7)
    libv8 (3.3.10.4)
    mail (2.4.4)
      i18n (>= 0.4.0)
      mime-types (~> 1.16)
      treetop (~> 1.4.8)
    memcache-client (1.8.5)
    mime-types (1.17.2)
    mini_magick (3.4)
      subexec (~> 0.2.1)
    mongo (1.5.2)
      bson (= 1.5.2)
    mongo-rails-instrumentation (0.2.4)
    mongoid (2.4.3)
      activemodel (~> 3.1)
      mongo (~> 1.3)
      tzinfo (~> 0.3.22)
    mongoid_auto_increment_id (0.4.0)
      mongoid (~> 2.4.0)
    mongoid_geo (0.6.0)
      activesupport (> 3)
      activesupport (> 3)
      bson (>= 1.3)
      bson (>= 1.3)
      hashie (>= 0.4.0)
      hashie (>= 0.4.0)
      mongoid (> 2)
      mongoid (> 2)
    mongoid_rails_migrations (0.0.14)
      activesupport (>= 3.0.0)
      bundler (>= 1.0.0)
      rails (>= 3.0.0)
      railties (>= 3.0.0)
    multi_json (1.1.0)
    multi_xml (0.4.2)
    net-scp (1.0.4)
      net-ssh (>= 1.99.1)
    net-sftp (2.0.5)
      net-ssh (>= 2.0.9)
    net-ssh (2.3.0)
    net-ssh-gateway (1.1.0)
      net-ssh (>= 1.99.1)
    nokogiri (1.5.2)
    oauth (0.4.5)
    omniauth (1.0.3)
      hashie (~> 1.2)
      rack
    omniauth-oauth (1.0.1)
      oauth
      omniauth (~> 1.0)
    omniauth-openid (1.0.1)
      omniauth (~> 1.0)
      rack-openid (~> 1.3.1)
    options (2.3.0)
      fattr
    orm_adapter (0.0.6)
    polyglot (0.3.3)
    progress_bar (0.4.0)
      highline (~> 1.6.1)
      options (~> 2.3.0)
    pygments.rb (0.2.7)
      rubypython (~> 0.5.3)
    rack (1.4.1)
    rack-cache (1.2)
      rack (>= 0.4)
    rack-mount (0.8.3)
      rack (>= 1.0.0)
    rack-openid (1.3.1)
      rack (>= 1.1.0)
      ruby-openid (>= 2.1.8)
    rack-protection (1.2.0)
      rack
    rack-ssl (1.3.2)
      rack
    rack-test (0.6.1)
      rack (>= 1.0)
    rails (3.2.2)
      actionmailer (= 3.2.2)
      actionpack (= 3.2.2)
      activerecord (= 3.2.2)
      activeresource (= 3.2.2)
      activesupport (= 3.2.2)
      bundler (~> 1.0)
      railties (= 3.2.2)
    rails-i18n (0.1.8)
      i18n (~> 0.5)
    rails_autolink (1.0.6)
      rails (~> 3.1)
    railties (3.2.2)
      actionpack (= 3.2.2)
      activesupport (= 3.2.2)
      rack-ssl (~> 1.3.2)
      rake (>= 0.8.7)
      rdoc (~> 3.4)
      thor (~> 0.14.6)
    raindrops (0.8.0)
    rake (0.9.2.2)
    rdoc (3.12)
      json (~> 1.4)
    redcarpet (2.1.1)
    redis (2.2.2)
    redis-namespace (1.0.3)
      redis (< 3.0.0)
    redis-objects (0.5.2)
      redis (>= 2.1.1)
    redis-search (0.7.0)
      chinese_pinyin (>= 0.3.0)
      redis (>= 2.1.1)
      redis-namespace (~> 1.0.2)
      rmmseg-cpp-huacnlee (>= 0.2.8)
    resque (1.20.0)
      multi_json (~> 1.0)
      redis-namespace (~> 1.0.2)
      sinatra (>= 0.9.2)
      vegas (~> 0.1.2)
    resque_mailer (2.0.3)
      actionmailer (>= 3.0.0)
      resque (>= 1.2.3)
    rest-client (1.6.7)
      mime-types (>= 1.16)
    rmmseg-cpp-huacnlee (0.2.9)
    rspec (2.8.0)
      rspec-core (~> 2.8.0)
      rspec-expectations (~> 2.8.0)
      rspec-mocks (~> 2.8.0)
    rspec-cells (0.1.2)
      cells (~> 3.4)
      rails (~> 3.0)
      rspec-rails (~> 2.2)
    rspec-core (2.8.0)
    rspec-expectations (2.8.0)
      diff-lcs (~> 1.1.2)
    rspec-mocks (2.8.0)
    rspec-rails (2.8.1)
      actionpack (>= 3.0)
      activesupport (>= 3.0)
      railties (>= 3.0)
      rspec (~> 2.8.0)
    ruby-ole (1.2.11.3)
    ruby-openid (2.1.8)
    rubypython (0.5.3)
      blankslate (>= 2.1.2.3)
      ffi (~> 1.0.7)
    rubyzip (0.9.6.1)
    sass (3.1.15)
    sass-rails (3.2.4)
      railties (~> 3.2.0)
      sass (>= 3.1.10)
      tilt (~> 1.3)
    selenium-webdriver (2.20.0)
      childprocess (>= 0.2.5)
      ffi (~> 1.0)
      multi_json (~> 1.0)
      rubyzip
    settingslogic (2.0.8)
    simple_form (2.0.1)
      actionpack (~> 3.0)
      activemodel (~> 3.0)
    simplecov (0.6.1)
      multi_json (~> 1.0)
      simplecov-html (~> 0.5.3)
    simplecov-html (0.5.3)
    sinatra (1.3.2)
      rack (~> 1.3, >= 1.3.6)
      rack-protection (~> 1.2)
      tilt (~> 1.3, >= 1.3.3)
    social-share-button (0.0.3)
    spreadsheet (0.6.8)
      ruby-ole (>= 1.0)
    sprite-factory (1.4.2)
    sprockets (2.1.2)
      hike (~> 1.2)
      rack (~> 1.0)
      tilt (~> 1.1, != 1.3.0)
    subexec (0.2.1)
    tagged-cache (1.1.1)
      activesupport (>= 3.0.0)
    therubyracer (0.9.10)
      libv8 (~> 3.3.10)
    thin (1.3.1)
      daemons (>= 1.0.9)
      eventmachine (>= 0.12.6)
      rack (>= 1.0.0)
    thor (0.14.6)
    tilt (1.3.3)
    treetop (1.4.10)
      polyglot
      polyglot (>= 0.3.1)
    twitter-bootstrap-rails (2.0.4)
      actionpack (>= 3.1)
      less-rails (~> 2.1.8)
      railties (>= 3.1)
    tzinfo (0.3.32)
    uglifier (1.2.3)
      execjs (>= 0.3.0)
      multi_json (>= 1.0.2)
    unicorn (4.2.0)
      kgio (~> 2.6)
      rack
      raindrops (~> 0.7)
    vegas (0.1.11)
      rack (>= 1.0.0)
    voteable_mongo_huacnlee (0.9.2)
    warden (1.1.1)
      rack (>= 1.0)
    whenever (0.7.3)
      activesupport (>= 2.3.4)
      chronic (~> 0.6.3)
    will_paginate (3.0.3)
    will_paginate_mongoid (1.0.4)
      bson_ext (~> 1.5)
      mongoid (~> 2.4)
      will_paginate (~> 3.0.2)
    xml-simple (1.1.1)
    xpath (0.1.4)
      nokogiri (~> 1.3)

PLATFORMS
  ruby

DEPENDENCIES
  aws-ses (~> 0.4.4)
  bootstrap-will_paginate (= 0.0.6)
  bson (= 1.5.2)
  bson_ext (= 1.5.2)
  cancan (~> 1.6.7)
  capistrano (= 2.11.2)
  capybara
  carrierwave (= 0.5.8)
  carrierwave-mongoid (= 0.1.3)
  carrierwave-upyun (= 0.1.5)
  cells (= 3.8.3)
  chinese_pinyin (= 0.4.1)
  chunky_png (= 1.2.5)
  coffee-rails (~> 3.2.1)
  daemon-spawn (~> 0.4.2)
  dalli (= 1.1.5)
  devise (= 2.0.4)
  devise_invitable (= 1.0.0)
  ekuseru (~> 0.3.10)
  factory_girl_rails (~> 1.7.0)
  fastercsv (~> 1.5.4)
  gmaps4rails (~> 1.4.8)
  googlecharts (~> 1.6.8)
  grape!
  hpricot (~> 0.8.6)
  htmldiff!
  jquery-rails (= 2.0.1)
  juggernaut (~> 2.1.1)
  mail_view!
  memcache-client (= 1.8.5)
  mini_magick (= 3.4)
  mongo-rails-instrumentation (= 0.2.4)
  mongoid (= 2.4.3)
  mongoid_auto_increment_id (= 0.4.0)
  mongoid_geo (~> 0.6.0)
  mongoid_rails_migrations (~> 0.0.14)
  omniauth (~> 1.0.3)
  omniauth-douban!
  omniauth-openid (~> 1.0.1)
  progress_bar
  pygments.rb (~> 0.2.7)
  quiet_assets!
  rails (= 3.2.2)
  rails-i18n (= 0.1.8)
  rails_autolink (>= 1.0.6)
  redcarpet (~> 2.1.1)
  redis (= 2.2.2)
  redis-namespace (~> 1.0.2)
  redis-objects (= 0.5.2)
  redis-search (= 0.7.0)
  resque (= 1.20.0)
  resque_mailer (= 2.0.3)
  rmmseg-cpp-huacnlee (= 0.2.9)
  rspec-cells
  rspec-rails (~> 2.8.1)
  sass-rails (~> 3.2.3)
  settingslogic (~> 2.0.8)
  simple_form (~> 2.0.1)
  simplecov
  social-share-button (= 0.0.3)
  sprite-factory (= 1.4.2)
  tagged-cache (= 1.1.1)
  thin (~> 1.3.1)
  twitter-bootstrap-rails (~> 2.0.4)
  uglifier (>= 1.0.3)
  unicorn (~> 4.2.0)
  voteable_mongo_huacnlee (~> 0.9.2)
  whenever (= 0.7.3)
  will_paginate (= 3.0.3)
  will_paginate_mongoid (= 1.0.4)
